GIT
  remote: git://github.com/ryanb/nested_form.git
  revision: 1b0689dfb4d230ceabd278eba159fcb02f23c68a
  specs:
    nested_form (0.3.2)

GEM
  remote: https://rubygems.org/
  specs:
    actionmailer (4.1.8)
      actionpack (= 4.1.8)
      actionview (= 4.1.8)
      mail (~> 2.5, >= 2.5.4)
    actionpack (4.1.8)
      actionview (= 4.1.8)
      activesupport (= 4.1.8)
      rack (~> 1.5.2)
      rack-test (~> 0.6.2)
    actionview (4.1.8)
      activesupport (= 4.1.8)
      builder (~> 3.1)
      erubis (~> 2.7.0)
    activemodel (4.1.8)
      activesupport (= 4.1.8)
      builder (~> 3.1)
    activerecord (4.1.8)
      activemodel (= 4.1.8)
      activesupport (= 4.1.8)
      arel (~> 5.0.0)
    activesupport (4.1.8)
      i18n (~> 0.6, >= 0.6.9)
      json (~> 1.7, >= 1.7.7)
      minitest (~> 5.1)
      thread_safe (~> 0.1)
      tzinfo (~> 1.1)
    addressable (2.3.6)
    angular-ui-bootstrap-rails (0.12.0)
    angularjs-rails (1.3.8)
    annotate (2.5.0)
      rake
    arel (5.0.1.20140414130214)
    bcrypt (3.1.9)
    bloggy (0.2.2)
      jekyll (~> 0.12.0)
      rack-contrib
      rails
      rdiscount
    bootstrap-sass (3.0.2.1)
      sass (~> 3.2)
    bourbon (3.2.3)
      sass (~> 3.2)
      thor
    bugsnag (1.6.1)
      httparty (>= 0.6, < 1.0)
      multi_json (~> 1.0)
    builder (3.2.2)
    capybara (2.1.0)
      mime-types (>= 1.16)
      nokogiri (>= 1.3.3)
      rack (>= 1.0.0)
      rack-test (>= 0.5.4)
      xpath (~> 2.0)
    chosen-rails (1.3.0)
      coffee-rails (>= 3.2)
      compass-rails (>= 1.1.2)
      railties (>= 3.0)
      sass-rails (>= 3.2)
    chunky_png (1.3.4)
    classifier (1.3.4)
      fast-stemmer (>= 1.0.0)
    coderay (1.0.9)
    coffee-rails (4.0.1)
      coffee-script (>= 2.2.0)
      railties (>= 4.0.0, < 5.0)
    coffee-script (2.3.0)
      coffee-script-source
      execjs
    coffee-script-source (1.8.0)
    compass (0.12.7)
      chunky_png (~> 1.2)
      fssm (>= 0.2.7)
      sass (~> 3.2.19)
    compass-rails (2.0.0)
      compass (>= 0.12.2)
    d3-rails (3.5.2)
      railties (>= 3.1)
    database_cleaner (1.2.0)
    delayed_job (4.0.6)
      activesupport (>= 3.0, < 5.0)
    delayed_job_active_record (4.0.3)
      activerecord (>= 3.0, < 5.0)
      delayed_job (>= 3.0, < 4.1)
    diff-lcs (1.2.5)
    directory_watcher (1.5.1)
    domainatrix (0.0.11)
      addressable
    dotenv (1.0.2)
    dotenv-rails (1.0.2)
      dotenv (= 1.0.2)
    erubis (2.7.0)
    excon (0.25.3)
    execjs (2.2.2)
    factory_girl (4.2.0)
      activesupport (>= 3.0.0)
    factory_girl_rails (4.2.1)
      factory_girl (~> 4.2.0)
      railties (>= 3.0.0)
    faker (1.4.3)
      i18n (~> 0.5)
    fast-stemmer (1.0.2)
    fog (1.15.0)
      builder
      excon (~> 0.25.0)
      formatador (~> 0.2.0)
      mime-types
      multi_json (~> 1.0)
      net-scp (~> 1.1)
      net-ssh (>= 2.1.3)
      nokogiri (~> 1.5)
      ruby-hmac
    font-awesome-rails (4.3.0.0)
      railties (>= 3.2, < 5.0)
    formatador (0.2.5)
    fssm (0.2.10)
    gon (5.2.3)
      actionpack (>= 2.3.0)
      json
      multi_json
      request_store (>= 1.0.5)
    google_custom_search_api (1.0.0)
      addressable
      httparty
    haml (4.0.6)
      tilt
    heroku-api (0.3.15)
      excon (~> 0.25.1)
    hike (1.2.3)
    httparty (0.13.3)
      json (~> 1.8)
      multi_xml (>= 0.5.2)
    i18n (0.7.0)
    jbuilder (2.2.6)
      activesupport (>= 3.0.0, < 5)
      multi_json (~> 1.2)
    jekyll (0.12.1)
      classifier (~> 1.3)
      directory_watcher (~> 1.1)
      kramdown (~> 0.14)
      liquid (~> 2.3)
      maruku (~> 0.5)
      pygments.rb (~> 0.3.2)
    jquery-fileupload-rails (0.4.1)
      actionpack (>= 3.1)
      railties (>= 3.1)
    jquery-rails (3.0.4)
      railties (>= 3.0, < 5.0)
      thor (>= 0.14, < 2.0)
    jquery-ui-rails (5.0.3)
      railties (>= 3.2.16)
    json (1.8.1)
    jwt (1.2.0)
    kaminari (0.16.2)
      actionpack (>= 3.0.0)
      activesupport (>= 3.0.0)
    kramdown (0.14.2)
    launchy (2.4.0)
      addressable (~> 2.3)
    liquid (2.6.1)
    mail (2.6.3)
      mime-types (>= 1.16, < 3)
    maruku (0.7.2)
    method_source (0.8.2)
    mime-types (2.4.3)
    mini_portile (0.5.3)
    minitest (5.5.0)
    multi_json (1.10.1)
    multi_xml (0.5.5)
    neat (1.5.1)
      bourbon (>= 3.1)
      sass (~> 3.2.19)
    net-scp (1.2.1)
      net-ssh (>= 2.6.5)
    net-ssh (2.9.1)
    newrelic_rpm (3.6.6.147)
    nokogiri (1.6.0)
      mini_portile (~> 0.5.0)
    pg (0.17.1)
    posix-spawn (0.3.9)
    pry (0.9.12.2)
      coderay (~> 1.0.5)
      method_source (~> 0.8)
      slop (~> 3.4)
    pry-nav (0.2.3)
      pry (~> 0.9.10)
    pry-rails (0.3.2)
      pry (>= 0.9.10)
    pygments.rb (0.3.7)
      posix-spawn (~> 0.3.6)
      yajl-ruby (~> 1.1.0)
    rack (1.5.2)
    rack-contrib (1.2.0)
      rack (>= 0.9.1)
    rack-pjax (0.8.0)
      nokogiri (~> 1.5)
      rack (~> 1.1)
    rack-test (0.6.2)
      rack (>= 1.0)
    rails (4.1.8)
      actionmailer (= 4.1.8)
      actionpack (= 4.1.8)
      actionview (= 4.1.8)
      activemodel (= 4.1.8)
      activerecord (= 4.1.8)
      activesupport (= 4.1.8)
      bundler (>= 1.3.0, < 2.0)
      railties (= 4.1.8)
      sprockets-rails (~> 2.0)
    rails_12factor (0.0.2)
      rails_serve_static_assets
      rails_stdout_logging
    rails_admin (0.6.6)
      builder (~> 3.1)
      coffee-rails (~> 4.0)
      font-awesome-rails (>= 3.0, < 5)
      haml (~> 4.0)
      jquery-rails (>= 3.0, < 5)
      jquery-ui-rails (~> 5.0)
      kaminari (~> 0.14)
      nested_form (~> 0.3)
      rack-pjax (~> 0.7)
      rails (~> 4.0)
      remotipart (~> 1.0)
      safe_yaml (~> 1.0)
      sass-rails (>= 4.0, < 6)
    rails_serve_static_assets (0.0.3)
    rails_stdout_logging (0.0.3)
    railties (4.1.8)
      actionpack (= 4.1.8)
      activesupport (= 4.1.8)
      rake (>= 0.8.7)
      thor (>= 0.18.1, < 2.0)
    rake (10.4.2)
    rb-readline (0.5.1)
    rdiscount (2.1.7.1)
    remotipart (1.2.1)
    request_store (1.1.0)
    rspec-core (2.14.8)
    rspec-expectations (2.14.5)
      diff-lcs (>= 1.1.3, < 2.0)
    rspec-mocks (2.14.6)
    rspec-rails (2.14.0)
      actionpack (>= 3.0)
      activesupport (>= 3.0)
      railties (>= 3.0)
      rspec-core (~> 2.14.0)
      rspec-expectations (~> 2.14.0)
      rspec-mocks (~> 2.14.0)
    ruby-hmac (0.4.0)
    s3_direct_upload (0.1.7)
      coffee-rails (>= 3.1)
      jquery-fileupload-rails (~> 0.4.1)
      rails (>= 3.1)
      sass-rails (>= 3.1)
    safe_yaml (1.0.4)
    sass (3.2.19)
    sass-rails (4.0.5)
      railties (>= 4.0.0, < 5.0)
      sass (~> 3.2.2)
      sprockets (~> 2.8, < 3.0)
      sprockets-rails (~> 2.0)
    shoulda-matchers (2.7.0)
      activesupport (>= 3.0.0)
    sitemap_generator (4.2.0)
      builder
    slop (3.6.0)
    sprockets (2.12.3)
      hike (~> 1.2)
      multi_json (~> 1.0)
      rack (~> 1.0)
      tilt (~> 1.1, != 1.3.0)
    sprockets-rails (2.2.2)
      actionpack (>= 3.0)
      activesupport (>= 3.0)
      sprockets (>= 2.8, < 4.0)
    thor (0.19.1)
    thread_safe (0.3.4)
    tilt (1.4.1)
    twilio-ruby (3.10.1)
      builder (>= 2.1.2)
      jwt (>= 0.1.2)
      multi_json (>= 1.3.0)
    tzinfo (1.2.2)
      thread_safe (~> 0.1)
    uglifier (2.6.0)
      execjs (>= 0.3.0)
      json (>= 1.8.0)
    webrick (1.3.1)
    xpath (2.0.0)
      nokogiri (~> 1.3)
    yajl-ruby (1.1.0)

PLATFORMS
  ruby

DEPENDENCIES
  angular-ui-bootstrap-rails
  angularjs-rails
  annotate (= 2.5.0)
  bcrypt
  bloggy (= 0.2.2)
  bootstrap-sass (= 3.0.2.1)
  bourbon
  bugsnag (= 1.6.1)
  capybara (= 2.1.0)
  chosen-rails
  coffee-rails (~> 4.0.0)
  d3-rails
  database_cleaner (= 1.2.0)
  delayed_job_active_record
  domainatrix (= 0.0.11)
  dotenv-rails
  factory_girl_rails (= 4.2.1)
  faker
  fog (= 1.15.0)
  gon
  google_custom_search_api (= 1.0.0)
  heroku-api (= 0.3.15)
  jbuilder
  jquery-rails (= 3.0.4)
  launchy (= 2.4.0)
  neat
  nested_form!
  newrelic_rpm (= 3.6.6.147)
  nokogiri (= 1.6.0)
  pg (= 0.17.1)
  pry (= 0.9.12.2)
  pry-nav (= 0.2.3)
  pry-rails (= 0.3.2)
  rails (~> 4.1.0)
  rails_12factor (= 0.0.2)
  rails_admin
  rb-readline (= 0.5.1)
  rspec-rails (= 2.14.0)
  s3_direct_upload
  sass-rails (~> 4.0.0)
  shoulda-matchers
  sitemap_generator (= 4.2.0)
  twilio-ruby (= 3.10.1)
  uglifier (>= 1.3.0)
  webrick (= 1.3.1)
